GEM
  remote: https://rubygems.org/
  specs:
    addressable (2.3.6)
    builder (3.2.2)
    capybara (2.4.4)
      mime-types (>= 1.16)
      nokogiri (>= 1.3.3)
      rack (>= 1.0.0)
      rack-test (>= 0.5.4)
      xpath (~> 2.0)
    childprocess (0.5.5)
      ffi (~> 1.0, >= 1.0.11)
    coderay (1.1.0)
    cucumber (1.3.18)
      builder (>= 2.1.2)
      diff-lcs (>= 1.1.3)
      gherkin (~> 2.12)
      multi_json (>= 1.7.5, < 2.0)
      multi_test (>= 0.1.1)
    diff-lcs (1.2.5)
    ffi (1.9.6)
    fuubar (2.0.0)
      rspec (~> 3.0)
      ruby-progressbar (~> 1.4)
    gherkin (2.12.2)
      multi_json (~> 1.3)
    launchy (2.4.3)
      addressable (~> 2.3)
    method_source (0.8.2)
    mime-types (2.4.3)
    mini_portile (0.6.2)
    multi_json (1.10.1)
    multi_test (0.1.1)
    nokogiri (1.6.5)
      mini_portile (~> 0.6.0)
    pry (0.10.1)
      coderay (~> 1.1.0)
      method_source (~> 0.8.1)
      slop (~> 3.4)
    rack (1.6.0)
    rack-protection (1.5.3)
      rack
    rack-test (0.6.2)
      rack (>= 1.0)
    rake (10.4.2)
    rspec (3.1.0)
      rspec-core (~> 3.1.0)
      rspec-expectations (~> 3.1.0)
      rspec-mocks (~> 3.1.0)
    rspec-core (3.1.7)
      rspec-support (~> 3.1.0)
    rspec-expectations (3.1.2)
      diff-lcs (>= 1.2.0, < 2.0)
      rspec-support (~> 3.1.0)
    rspec-mocks (3.1.3)
      rspec-support (~> 3.1.0)
    rspec-support (3.1.2)
    ruby-progressbar (1.7.1)
    rubyzip (1.1.6)
    selenium-webdriver (2.44.0)
      childprocess (~> 0.5)
      multi_json (~> 1.0)
      rubyzip (~> 1.0)
      websocket (~> 1.0)
    sinatra (1.4.5)
      rack (~> 1.4)
      rack-protection (~> 1.4)
      tilt (~> 1.3, >= 1.3.4)
    slop (3.6.0)
    tilt (1.4.1)
    wait (0.5.2)
    websocket (1.2.1)
    xpath (2.0.0)
      nokogiri (~> 1.3)

PLATFORMS
  ruby

DEPENDENCIES
  capybara (= 2.4.4)
  cucumber (>= 0.10.5)
  fuubar (>= 0.0.1)
  launchy (>= 2.0.4)
  pry
  rake
  rspec (>= 2.2.0)
  selenium-webdriver (~> 2.0)
  sinatra (>= 0.9.4)
  wait (~> 0.5)
